PATH
  remote: .
  specs:
    insertica (0.0.1)
      thor (~> 0.18.1)
      vertica (~> 0.11.1)

GEM
  remote: https://rubygems.org/
  specs:
    coderay (1.1.0)
    method_source (0.8.2)
    minitest (5.0.8)
    pry (0.9.12.6)
      coderay (~> 1.0)
      method_source (~> 0.8)
      slop (~> 3.4)
    rake (10.1.1)
    slop (3.4.7)
    thor (0.18.1)
    vertica (0.11.1)

PLATFORMS
  ruby

DEPENDENCIES
  insertica!
  minitest
  pry
  rake
